PATH
  remote: .
  specs:
    ssebenchmark (1.0.0)
      activesupport (~> 3.2.3)
      em-eventsource (~> 0.1.8)
      em-http-request (~> 1.0.3)
      eventmachine (~> 1.0.0)

GEM
  remote: http://rubygems.org/
  specs:
    activesupport (3.2.13)
      i18n (= 0.6.1)
      multi_json (~> 1.0)
    addressable (2.3.4)
    cookiejar (0.3.0)
    em-eventsource (0.1.8)
      em-http-request (~> 1.0.0)
      eventmachine (~> 1.0.0.beta3)
    em-http-request (1.0.3)
      addressable (>= 2.2.3)
      cookiejar
      em-socksify
      eventmachine (>= 1.0.0.beta.4)
      http_parser.rb (>= 0.5.3)
    em-socksify (0.2.1)
      eventmachine (>= 1.0.0.beta.4)
    eventmachine (1.0.3)
    http_parser.rb (0.5.3)
    i18n (0.6.1)
    multi_json (1.7.2)

PLATFORMS
  ruby

DEPENDENCIES
  ssebenchmark!
